GEM
  remote: http://rubygems.org/
  specs:
    activesupport (3.0.0)
    bson (1.1)
    bson_ext (1.1)
    crack (0.1.8)
    curb (0.7.6)
    haml (3.0.17)
    i18n (0.4.1)
    imgur (0.2.0)
      crack (>= 0.1.4)
      curb (>= 0.5.4.0)
    jnunemaker-validatable (1.8.4)
      activesupport (>= 2.3.4)
    joint (0.4)
      mime-types
      mongo_mapper (>= 0.7.4)
      wand (>= 0.2.1)
    mime-types (1.16)
    mongo (1.0.9)
      bson (>= 1.0.5)
    mongo_mapper (0.8.4)
      activesupport (>= 2.3.4)
      jnunemaker-validatable (~> 1.8.4)
      plucky (~> 0.3.5)
    plucky (0.3.5)
      mongo (~> 1.0.8)
    rack (1.2.1)
    rack-flash (0.1.1)
      rack
    sinatra (1.0)
      rack (>= 1.0)
    sinatra-mongomapper (1.0.2)
      mongo_mapper
      sinatra
    wand (0.2.1)
      mime-types

PLATFORMS
  ruby

DEPENDENCIES
  bson_ext
  haml
  i18n
  imgur
  joint
  rack-flash
  sinatra
  sinatra-mongomapper
